{
	"TaskName": "p300",
	"Manufacturer": "BioSemi",
	"PowerLineFrequency": 50.0,
	"SamplingFrequency": 512.0,
	"SoftwareFilters": "n/a",
	"RecordingDuration": 183.998046875,
	"RecordingType": "continuous",
	"EEGReference": "n/a",
	"EEGGround": "n/a",
	"EEGPlacementScheme": "10-20 system",
	"EEGChannelCount": 64,
	"EOGChannelCount": 0,
	"ECGChannelCount": 0,
	"EMGChannelCount": 0,
	"TriggerChannelCount": 0,
	"ManufacturersModelName": "Biosemi ActiveTwo",
	"HardwareFilters": "n/a",
	"TaskDescription": "[monitoring] Error-related potential (ErrP) monitoring task where subjects observe a cursor moving towards a target. The cursor moves autonomously with 20% or 40% error probability. Subjects monitor performance without control. Trial duration: 2.0s.",
	"Instructions": "Subjects seat in front of a computer screen and monitor a moving cursor (green square) and target location (blue for left, red for right). No control over cursor movement, only assess whether it performs properly. Fixate center of screen.",
	"CogAtlasID": "https://www.cognitiveatlas.org/task/id/tsk_GxjZBNiJorj1K/",
	"InstitutionName": "Ecole Polytechnique F\u00e9d\u00e9rale de Lausanne",
	"InstitutionAddress": "CH",
	"InstitutionalDepartmentName": "Defitech Chair in Brain-Machine Interface, CNBI, Center for Neuroprosthetics",
	"CapManufacturer": "n/a",
	"CapManufacturersModelName": "n/a",
	"SubjectArtefactDescription": "n/a",
	"DeviceSerialNumber": "n/a",
	"Description": "Dataset on EEG error-related potentials (ErrPs) elicited when users monitor the behavior of an external autonomous agent. One of the first studies showing that error correlates can be observed and decoded during monitoring of external agents without user control.",
	"MISCChannelCount": 0
}